GEM
  remote: https://rubygems.org/
  specs:
    git-scribe (0.1.1)
      liquid
      nokogiri
    liquid (2.4.1)
    nokogiri (1.5.6)

PLATFORMS
  ruby

DEPENDENCIES
  git-scribe
