GEM
  remote: https://rubygems.org/
  specs:
    git-scribe (0.1.1)
      liquid
      nokogiri
    liquid (2.4.1)
    mini_portile2 (2.8.0)
    nokogiri (1.13.9)
      mini_portile2 (~> 2.8.0)
      racc (~> 1.4)
    racc (1.6.0)

PLATFORMS
  ruby

DEPENDENCIES
  git-scribe
