GEM
  remote: https://rubygems.org/
  specs:
    git-scribe (0.1.1)
      liquid
      nokogiri
    liquid (2.4.1)
    mini_portile2 (2.8.1)
    nokogiri (1.14.3)
      mini_portile2 (~> 2.8.0)
      racc (~> 1.4)
    racc (1.6.2)

PLATFORMS
  ruby

DEPENDENCIES
  git-scribe
